GEM
  remote: https://rubygems.org/
  specs:
    dotenv (3.1.4)

PLATFORMS
  ruby
  x86_64-linux-gnu

DEPENDENCIES
  dotenv (~> 3.1)

BUNDLED WITH
   2.5.23
